GIT
  remote: git://github.com/pushmatrix/ofx-parser.git
  revision: 6b41936d2f7f7d42d692387aee462812726c5bdc
  specs:
    ofx-parser (0.1.0)

GEM
  remote: http://rubygems.org/
  specs:
    activesupport (3.1.1)
      multi_json (~> 1.0)
    fastercsv (1.5.4)
    hpricot (0.8.4)
    i18n (0.6.0)
    multi_json (1.0.3)

PLATFORMS
  ruby

DEPENDENCIES
  activesupport
  fastercsv
  hpricot
  i18n
  ofx-parser (= 0.1.0)!
